PATH
  remote: .
  specs:
    wiki_languages (0.1.0)

GEM
  remote: https://rubygems.org/
  specs:
    minitest (5.10.3)
    rake (13.0.1)

PLATFORMS
  ruby

DEPENDENCIES
  bundler (~> 1.17)
  minitest (= 5.10.3)
  rake (~> 13.0)
  wiki_languages!

BUNDLED WITH
   1.17.1
